GEM
  remote: https://rubygems.org/
  specs:
    rack (2.0.5)
    sequel (5.7.1)
    sqlite3 (1.3.13)

PLATFORMS
  ruby

DEPENDENCIES
  rack
  sequel
  sqlite3

BUNDLED WITH
   1.16.1
